GEM
  remote: https://rubygems.org/
  specs:
    bson (1.12.3)
    bson_ext (1.12.3)
      bson (~> 1.12.3)
    json (1.8.3)
    kgio (2.10.0)
    mongo (1.12.3)
      bson (= 1.12.3)
    rack (1.6.4)
    raindrops (0.15.0)
    sinatra (1.1.0)
      rack (~> 1.1)
      tilt (~> 1.1)
    tilt (1.4.1)
    unicorn (4.9.0)
      kgio (~> 2.6)
      rack
      raindrops (~> 0.7)

PLATFORMS
  ruby

DEPENDENCIES
  bson_ext (~> 1.12)
  json
  mongo (~> 1.12)
  sinatra (= 1.1.0)
  unicorn

RUBY VERSION
   ruby 2.3.3p222

BUNDLED WITH
   1.16.1
